GEM
  remote: https://rubygems.org/
  specs:
    RedCloth (4.2.9)
    addressable (2.3.5)
    crack (0.4.1)
      safe_yaml (~> 0.9.0)
    daemons (1.1.9)
    diff-lcs (1.2.4)
    docify (1.0.7)
      RedCloth (~> 4.2)
      rdiscount (~> 1.6)
      rdoc (~> 3.7)
    dotenv (0.9.0)
    eventmachine (1.0.3)
    faraday (0.8.8)
      multipart-post (~> 1.2.0)
    foreman (0.63.0)
      dotenv (>= 0.7)
      thor (>= 0.13.6)
    jsmin (1.0.1)
    json (1.8.0)
    multipart-post (1.2.0)
    rack (1.5.2)
    rack-contrib (1.1.0)
      rack (>= 0.9.1)
    rack-protection (1.5.0)
      rack
    rack-test (0.6.2)
      rack (>= 1.0)
    rake (10.1.0)
    rdiscount (1.6.8)
    rdoc (3.12.2)
      json (~> 1.4)
    rspec (2.14.1)
      rspec-core (~> 2.14.0)
      rspec-expectations (~> 2.14.0)
      rspec-mocks (~> 2.14.0)
    rspec-core (2.14.5)
    rspec-expectations (2.14.2)
      diff-lcs (>= 1.1.3, < 2.0)
    rspec-mocks (2.14.3)
    safe_yaml (0.9.7)
    shotgun (0.9)
      rack (>= 1.0)
    sinatra (1.4.3)
      rack (~> 1.4)
      rack-protection (~> 1.4)
      tilt (~> 1.3, >= 1.3.4)
    sinatra-assetpack (0.3.1)
      jsmin
      rack-test
      sinatra
      tilt (>= 1.3.0)
    thin (1.5.1)
      daemons (>= 1.0.9)
      eventmachine (>= 0.12.6)
      rack (>= 1.0.0)
    thor (0.18.1)
    tilt (1.4.1)
    webmock (1.13.0)
      addressable (>= 2.2.7)
      crack (>= 0.3.2)

PLATFORMS
  ruby

DEPENDENCIES
  docify (~> 1.0)
  faraday
  foreman (~> 0.60)
  rack-contrib (~> 1.1)
  rack-test (~> 0.6)
  rake (~> 10.0)
  rspec (~> 2.13)
  shotgun
  sinatra (~> 1.4)
  sinatra-assetpack (~> 0.2)
  thin (~> 1.0)
  webmock (~> 1.6)
